GEM
  remote: https://rubygems.org/
  specs:
    concurrent-ruby (1.0.5)
    hamster (3.0.0)
      concurrent-ruby (~> 1.0)
    link_header (0.0.8)
    rdf (2.0.2)
      hamster (~> 3.0)
      link_header (~> 0.0, >= 0.0.8)
    thor (0.19.4)

PLATFORMS
  ruby

DEPENDENCIES
  rdf
  thor

BUNDLED WITH
   1.14.6
